GEM
  remote: https://rubygems.org/
  specs:
    diff-lcs (1.2.5)
    facter (2.4.4)
    hiera (1.3.4)
      json_pure
    json (1.8.3)
    json_pure (1.8.2)
    metaclass (0.0.4)
    metadata-json-lint (0.0.6)
      json
      spdx-licenses (~> 1.0)
    mocha (1.1.0)
      metaclass (~> 0.0.1)
    puppet (3.8.1)
      facter (> 1.6, < 3)
      hiera (~> 1.0)
      json_pure
    puppet-lint (1.1.0)
    puppet-lint-absolute_classname-check (0.1.3)
      puppet-lint (~> 1.0)
    puppet-lint-absolute_template_path (1.0.0)
      puppet-lint (~> 1.1)
    puppet-lint-empty_string-check (0.2.1)
      puppet-lint (~> 1.0)
    puppet-lint-leading_zero-check (0.1.0)
      puppet-lint (~> 1.0)
    puppet-lint-numericvariable (1.0.0)
      puppet-lint (~> 1.0)
    puppet-lint-spaceship_operator_without_tag-check (0.1.0)
      puppet-lint (~> 1.0)
    puppet-lint-trailing_newline-check (1.0.0)
      puppet-lint (~> 1.0)
    puppet-lint-undef_in_function-check (0.1.0)
      puppet-lint (~> 1.0)
    puppet-lint-unquoted_string-check (0.2.5)
      puppet-lint (~> 1.0)
    puppet-lint-variable_contains_upcase (1.0.0)
      puppet-lint (~> 1.0)
    puppet-syntax (2.0.0)
      rake
    puppetlabs_spec_helper (0.10.3)
      mocha
      puppet-lint
      puppet-syntax
      rake
      rspec-puppet
    rake (10.4.2)
    rspec (3.3.0)
      rspec-core (~> 3.3.0)
      rspec-expectations (~> 3.3.0)
      rspec-mocks (~> 3.3.0)
    rspec-core (3.3.2)
      rspec-support (~> 3.3.0)
    rspec-expectations (3.3.1)
      diff-lcs (>= 1.2.0, < 2.0)
      rspec-support (~> 3.3.0)
    rspec-mocks (3.3.2)
      diff-lcs (>= 1.2.0, < 2.0)
      rspec-support (~> 3.3.0)
    rspec-puppet (2.2.0)
      rspec
    rspec-support (3.3.0)
    spdx-licenses (1.0.0)
      json

PLATFORMS
  ruby

DEPENDENCIES
  metadata-json-lint
  puppet (~> 3.0)
  puppet-lint-absolute_classname-check
  puppet-lint-absolute_template_path
  puppet-lint-empty_string-check
  puppet-lint-leading_zero-check
  puppet-lint-numericvariable
  puppet-lint-spaceship_operator_without_tag-check
  puppet-lint-trailing_newline-check
  puppet-lint-undef_in_function-check
  puppet-lint-unquoted_string-check
  puppet-lint-variable_contains_upcase
  puppetlabs_spec_helper
